GEM
  remote: https://rubygems.org/
  specs:
    numo-narray (0.9.2.1)
    rover-df (0.4.0)
      numo-narray (>= 0.9.1.9)

PLATFORMS
  x64-mingw-ucrt

DEPENDENCIES
  rover-df

BUNDLED WITH
   2.5.11
